GEM
  remote: http://gemcutter.org/
  specs:
    diff-lcs (1.3)
    haml (5.0.1)
      temple (>= 0.8.0)
      tilt
    hassle (0.0.1)
      haml
      rack
    rack (2.0.1)
    rake (12.0.0)
    rspec (3.6.0)
      rspec-core (~> 3.6.0)
      rspec-expectations (~> 3.6.0)
      rspec-mocks (~> 3.6.0)
    rspec-core (3.6.0)
      rspec-support (~> 3.6.0)
    rspec-expectations (3.6.0)
      diff-lcs (>= 1.2.0, < 2.0)
      rspec-support (~> 3.6.0)
    rspec-mocks (3.6.0)
      diff-lcs (>= 1.2.0, < 2.0)
      rspec-support (~> 3.6.0)
    rspec-support (3.6.0)
    temple (0.8.0)
    tilt (2.0.7)

PLATFORMS
  ruby

DEPENDENCIES
  hassle (= 0.0.1)
  rake (= 12.0.0)
  rspec (= 3.6.0)

RUBY VERSION
   ruby 2.4.0p0

BUNDLED WITH
   1.14.6
